GEM
  remote: https://rubygems.org/
  specs:
    cgi (0.4.1)
    colorize (1.1.0)
    erb (4.0.4)
      cgi (>= 0.3.3)
    ffi (1.16.3)
    fileutils (1.7.2)
    listen (3.9.0)
      rb-fsevent (~> 0.10, >= 0.10.3)
      rb-inotify (~> 0.9, >= 0.9.10)
    pathname (0.3.0)
    rb-fsevent (0.11.2)
    rb-inotify (0.10.1)
      ffi (~> 1.0)
    webrick (1.8.1)

PLATFORMS
  ruby
  x86_64-linux

DEPENDENCIES
  colorize
  erb
  fileutils
  listen
  pathname
  webrick

BUNDLED WITH
   2.5.9
